GEM
  remote: http://rubygems.org/
  specs:
    childprocess (0.3.6)
      ffi (~> 1.0, >= 1.0.6)
    ffi (1.2.0)
    rcomp (0.2.1)
      childprocess (~> 0.3.6)
      thor (~> 0.16.0)
    thor (0.16.0)

PLATFORMS
  ruby

DEPENDENCIES
  rcomp
